GIT
  remote: git://github.com/rails/rails.git
  revision: ffa9540fd361eb34c445568b66abf283b9e658f8
  specs:
    actionpack (4.0.0.beta)
      activesupport (= 4.0.0.beta)
      builder (~> 3.1.0)
      erubis (~> 2.7.0)
      rack (~> 1.4.3)
      rack-test (~> 0.6.1)
    activesupport (4.0.0.beta)
      i18n (~> 0.6)
      minitest (~> 4.1)
      multi_json (~> 1.3)
      thread_safe (~> 0.1)
      tzinfo (~> 0.3.33)
    railties (4.0.0.beta)
      actionpack (= 4.0.0.beta)
      activesupport (= 4.0.0.beta)
      rake (>= 0.8.7)
      rdoc (~> 3.4)
      thor (>= 0.15.4, < 2.0)

PATH
  remote: .
  specs:
    jbuilder (0.9.1)
      activesupport (>= 3.0.0)

GEM
  remote: http://rubygems.org/
  specs:
    atomic (1.0.1)
    builder (3.1.4)
    erubis (2.7.0)
    i18n (0.6.1)
    json (1.7.6)
    minitest (4.4.0)
    multi_json (1.5.0)
    rack (1.4.3)
    rack-test (0.6.2)
      rack (>= 1.0)
    rake (0.9.2.2)
    rdoc (3.12)
      json (~> 1.4)
    thor (0.16.0)
    thread_safe (0.1.0)
      atomic
    tzinfo (0.3.35)

PLATFORMS
  ruby

DEPENDENCIES
  actionpack
  jbuilder!
  railties!
  rake
